GEM
  remote: http://rubygems.org/
  specs:
    eventmachine (1.0.0)
    redis (3.0.1)

PLATFORMS
  ruby

DEPENDENCIES
  eventmachine
  redis
